GEM
  remote: https://rubygems.org/
  specs:
    geocoder (1.2.5)
    rack (1.5.2)

PLATFORMS
  ruby

DEPENDENCIES
  geocoder
  rack
